PATH
  remote: .
  specs:
    win_print (0.1.0)

GEM
  remote: https://rubygems.org/
  specs:
    minitest (5.11.3)
    rake (13.0.1)

PLATFORMS
  ruby
  x86-mingw32

DEPENDENCIES
  bundler (>= 1.16)
  minitest
  rake
  win_print!

BUNDLED WITH
   2.0.2
